GEM
  remote: https://rubygems.org/
  specs:
    actioncable (8.0.3)
      actionpack (= 8.0.3)
      activesupport (= 8.0.3)
      nio4r (~> 2.0)
      websocket-driver (>= 0.6.1)
      zeitwerk (~> 2.6)
    actionmailbox (8.0.3)
      actionpack (= 8.0.3)
      activejob (= 8.0.3)
      activerecord (= 8.0.3)
      activestorage (= 8.0.3)
      activesupport (= 8.0.3)
      mail (>= 2.8.0)
    actionmailer (8.0.3)
      actionpack (= 8.0.3)
      actionview (= 8.0.3)
      activejob (= 8.0.3)
      activesupport (= 8.0.3)
      mail (>= 2.8.0)
      rails-dom-testing (~> 2.2)
    actionpack (8.0.3)
      actionview (= 8.0.3)
      activesupport (= 8.0.3)
      nokogiri (>= 1.8.5)
      rack (>= 2.2.4)
      rack-session (>= 1.0.1)
      rack-test (>= 0.6.3)
      rails-dom-testing (~> 2.2)
      rails-html-sanitizer (~> 1.6)
      useragent (~> 0.16)
    actiontext (8.0.3)
      actionpack (= 8.0.3)
      activerecord (= 8.0.3)
      activestorage (= 8.0.3)
      activesupport (= 8.0.3)
      globalid (>= 0.6.0)
      nokogiri (>= 1.8.5)
    actionview (8.0.3)
      activesupport (= 8.0.3)
      builder (~> 3.1)
      erubi (~> 1.11)
      rails-dom-testing (~> 2.2)
      rails-html-sanitizer (~> 1.6)
    activejob (8.0.3)
      activesupport (= 8.0.3)
      globalid (>= 0.3.6)
    activemodel (8.0.3)
      activesupport (= 8.0.3)
    activerecord (8.0.3)
      activemodel (= 8.0.3)
      activesupport (= 8.0.3)
      timeout (>= 0.4.0)
    activestorage (8.0.3)
      actionpack (= 8.0.3)
      activejob (= 8.0.3)
      activerecord (= 8.0.3)
      activesupport (= 8.0.3)
      marcel (~> 1.0)
    activesupport (8.0.3)
      base64
      benchmark (>= 0.3)
      bigdecimal
      concurrent-ruby (~> 1.0, >= 1.3.1)
      connection_pool (>= 2.2.5)
      drb
      i18n (>= 1.6, < 2)
      logger (>= 1.4.2)
      minitest (>= 5.1)
      securerandom (>= 0.3)
      tzinfo (~> 2.0, >= 2.0.5)
      uri (>= 0.13.1)
    addressable (2.8.7)
      public_suffix (>= 2.0.2, < 7.0)
    amazing_print (1.8.1)
    amq-protocol (2.3.4)
    ast (2.4.3)
    aws-eventstream (1.4.0)
    aws-partitions (1.1174.0)
    aws-sdk-core (3.234.0)
      aws-eventstream (~> 1, >= 1.3.0)
      aws-partitions (~> 1, >= 1.992.0)
      aws-sigv4 (~> 1.9)
      base64
      bigdecimal
      jmespath (~> 1, >= 1.6.1)
      logger
    aws-sdk-kms (1.115.0)
      aws-sdk-core (~> 3, >= 3.234.0)
      aws-sigv4 (~> 1.5)
    aws-sdk-s3 (1.201.0)
      aws-sdk-core (~> 3, >= 3.234.0)
      aws-sdk-kms (~> 1)
      aws-sigv4 (~> 1.5)
    aws-sigv4 (1.12.1)
      aws-eventstream (~> 1, >= 1.0.2)
    base64 (0.3.0)
    benchmark (0.5.0)
    bigdecimal (3.3.1)
    bindex (0.8.1)
    bootsnap (1.18.6)
      msgpack (~> 1.2)
    brakeman (7.1.0)
      racc
    builder (3.3.0)
    bunny (2.24.0)
      amq-protocol (~> 2.3)
      sorted_set (~> 1, >= 1.0.2)
    byebug (12.0.0)
    capybara (3.40.0)
      addressable
      matrix
      mini_mime (>= 0.1.3)
      nokogiri (~> 1.11)
      rack (>= 1.6.0)
      rack-test (>= 0.6.3)
      regexp_parser (>= 1.5, < 3.0)
      xpath (~> 3.2)
    climate_control (1.2.0)
    concurrent-ruby (1.3.5)
    connection_pool (2.5.4)
    content_block_tools (1.5.1)
      actionview (>= 6, < 8.0.4)
      govspeak (>= 10.6.3)
      rails (>= 6, < 8.0.4)
      view_component (~> 4)
    crack (1.0.1)
      bigdecimal
      rexml
    crass (1.0.6)
    csv (3.3.5)
    dalli (3.2.8)
    database_cleaner (2.1.0)
      database_cleaner-active_record (>= 2, < 3)
    database_cleaner-active_record (2.2.1)
      activerecord (>= 5.a)
      database_cleaner-core (~> 2.0.0)
    database_cleaner-core (2.0.1)
    date (3.4.1)
    declarative (0.0.20)
    diff-lcs (1.6.2)
    dig_rb (1.0.1)
    docile (1.4.1)
    domain_name (0.6.20240107)
    drb (2.2.3)
    erb (5.1.1)
    erubi (1.13.1)
    et-orbi (1.2.11)
      tzinfo
    expgen (0.1.1)
      parslet
    factory_bot (6.5.5)
      activesupport (>= 6.1.0)
    factory_bot_rails (6.5.1)
      factory_bot (~> 6.5)
      railties (>= 6.1.0)
    faraday (2.14.0)
      faraday-net_http (>= 2.0, < 3.5)
      json
      logger
    faraday-follow_redirects (0.4.0)
      faraday (>= 1, < 3)
    faraday-net_http (3.4.1)
      net-http (>= 0.5.0)
    ffi (1.17.2)
    ffi (1.17.2-aarch64-linux-gnu)
    ffi (1.17.2-arm64-darwin)
    ffi (1.17.2-x86_64-linux-gnu)
    fiber-storage (1.0.1)
    find_a_port (1.0.1)
    fugit (1.11.1)
      et-orbi (~> 1, >= 1.2.11)
      raabro (~> 1.4)
    fuzzy_match (2.1.0)
    gds-api-adapters (101.0.0)
      addressable
      link_header
      null_logger
      plek (>= 1.9.0)
      rack (>= 2.2.0)
      rest-client (~> 2.0)
    gds-sso (22.1.1)
      oauth2 (~> 2.0)
      omniauth (~> 2.1)
      omniauth-oauth2 (~> 1.8)
      plek (>= 5)
      rack
      rails (>= 7)
      warden (~> 1.2)
      warden-oauth2 (~> 0.0.1)
    globalid (1.3.0)
      activesupport (>= 6.1)
    google-apis-bigquery_v2 (0.96.0)
      google-apis-core (>= 0.15.0, < 2.a)
    google-apis-core (1.0.2)
      addressable (~> 2.8, >= 2.8.7)
      faraday (~> 2.13)
      faraday-follow_redirects (~> 0.3)
      googleauth (~> 1.14)
      mini_mime (~> 1.1)
      representable (~> 3.0)
      retriable (~> 3.1)
    google-cloud-bigquery (1.60.0)
      bigdecimal (~> 3.0)
      concurrent-ruby (~> 1.0)
      google-apis-bigquery_v2 (~> 0.71)
      google-apis-core (>= 0.18, < 2)
      google-cloud-core (~> 1.6)
      googleauth (~> 1.9)
      mini_mime (~> 1.0)
    google-cloud-core (1.8.0)
      google-cloud-env (>= 1.0, < 3.a)
      google-cloud-errors (~> 1.0)
    google-cloud-env (2.3.1)
      base64 (~> 0.2)
      faraday (>= 1.0, < 3.a)
    google-cloud-errors (1.5.0)
    google-logging-utils (0.2.0)
    google-protobuf (4.33.0)
      bigdecimal
      rake (>= 13)
    google-protobuf (4.33.0-aarch64-linux-gnu)
      bigdecimal
      rake (>= 13)
    google-protobuf (4.33.0-arm64-darwin)
      bigdecimal
      rake (>= 13)
    google-protobuf (4.33.0-x86_64-linux-gnu)
      bigdecimal
      rake (>= 13)
    googleapis-common-protos-types (1.22.0)
      google-protobuf (~> 4.26)
    googleauth (1.15.1)
      faraday (>= 1.0, < 3.a)
      google-cloud-env (~> 2.2)
      google-logging-utils (~> 0.1)
      jwt (>= 1.4, < 4.0)
      multi_json (~> 1.11)
      os (>= 0.9, < 2.0)
      signet (>= 0.16, < 2.a)
    govspeak (10.6.5)
      actionview (>= 6, < 8.0.4)
      addressable (>= 2.3.8, < 2.8.8)
      govuk_publishing_components (>= 43)
      htmlentities (~> 4)
      i18n (>= 0.7, < 1.14.8)
      kramdown (>= 2.3.1, < 2.5.2)
      nokogiri (~> 1.12)
      rinku (~> 2.0)
      sanitize (>= 6, < 8)
    govuk_app_config (9.20.6)
      logstasher (~> 2.1)
      opentelemetry-exporter-otlp (>= 0.25, < 0.32)
      opentelemetry-instrumentation-all (>= 0.39.1, < 0.87.0)
      opentelemetry-sdk (~> 1.2)
      plek (>= 4, < 6)
      prometheus_exporter (~> 2.3)
      puma (>= 5.6, < 8.0)
      rack-proxy (~> 0.7)
      sentry-rails (~> 5.3)
      sentry-ruby (~> 5.3)
      statsd-ruby (~> 1.5)
    govuk_document_types (3.1.0)
    govuk_personalisation (1.1.0)
      plek (>= 1.9.0)
      rails (>= 6, < 9)
    govuk_publishing_components (61.3.1)
      govuk_app_config
      govuk_personalisation (>= 0.7.0)
      kramdown
      ostruct
      plek
      rails (>= 6)
      rouge
      sprockets (>= 3)
      sprockets-rails
    govuk_schemas (6.2.0)
      json-schema (>= 2.8, < 6.1)
    govuk_sidekiq (10.0.0)
      gds-api-adapters (>= 19.1.0)
      govuk_app_config (>= 1.1)
      redis-client (>= 0.22.2)
      sidekiq (~> 7.0, < 8)
    govuk_test (4.1.2)
      brakeman (>= 5.0.2)
      capybara (>= 3.36)
      puma
      selenium-webdriver (>= 4.0)
    graphql (2.5.14)
      base64
      fiber-storage
      logger
    hashdiff (1.2.1)
    hashie (5.0.0)
    htmlentities (4.3.4)
    http-accept (1.7.0)
    http-cookie (1.0.8)
      domain_name (~> 0.5)
    httparty (0.23.1)
      csv
      mini_mime (>= 1.0.0)
      multi_xml (>= 0.5.2)
    i18n (1.14.7)
      concurrent-ruby (~> 1.0)
    io-console (0.8.1)
    irb (1.15.2)
      pp (>= 0.6.0)
      rdoc (>= 4.0.0)
      reline (>= 0.4.2)
    jmespath (1.6.2)
    json (2.12.2)
    json-schema (6.0.0)
      addressable (~> 2.8)
      bigdecimal (~> 3.1)
    jsonnet (0.6.0)
      mini_portile2 (>= 2.2.0)
    jsonpath (1.1.5)
      multi_json
    jwt (3.1.2)
      base64
    kramdown (2.5.1)
      rexml (>= 3.3.9)
    language_server-protocol (3.17.0.5)
    link_header (0.0.8)
    lint_roller (1.1.0)
    listen (3.9.0)
      rb-fsevent (~> 0.10, >= 0.10.3)
      rb-inotify (~> 0.9, >= 0.9.10)
    logger (1.7.0)
    logstasher (2.1.5)
      activesupport (>= 5.2)
      request_store
    loofah (2.24.1)
      crass (~> 1.0.2)
      nokogiri (>= 1.12.0)
    mail (2.9.0)
      logger
      mini_mime (>= 0.1.1)
      net-imap
      net-pop
      net-smtp
    marcel (1.1.0)
    matrix (0.4.3)
    mime-types (3.7.0)
      logger
      mime-types-data (~> 3.2025, >= 3.2025.0507)
    mime-types-data (3.2025.0812)
    mini_mime (1.1.5)
    mini_portile2 (2.8.9)
    minitest (5.26.0)
    msgpack (1.8.0)
    multi_json (1.17.0)
    multi_xml (0.7.2)
      bigdecimal (~> 3.1)
    net-http (0.6.0)
      uri
    net-imap (0.5.12)
      date
      net-protocol
    net-pop (0.1.2)
      net-protocol
    net-protocol (0.2.2)
      timeout
    net-smtp (0.5.1)
      net-protocol
    netrc (0.11.0)
    nio4r (2.7.4)
    nokogiri (1.18.10)
      mini_portile2 (~> 2.8.2)
      racc (~> 1.4)
    nokogiri (1.18.10-aarch64-linux-gnu)
      racc (~> 1.4)
    nokogiri (1.18.10-arm64-darwin)
      racc (~> 1.4)
    nokogiri (1.18.10-x86_64-linux-gnu)
      racc (~> 1.4)
    null_logger (0.0.1)
    oauth2 (2.0.12)
      faraday (>= 0.17.3, < 4.0)
      jwt (>= 1.0, < 4.0)
      logger (~> 1.2)
      multi_xml (~> 0.5)
      rack (>= 1.2, < 4)
      snaky_hash (~> 2.0, >= 2.0.3)
      version_gem (>= 1.1.8, < 3)
    oj (3.16.11)
      bigdecimal (>= 3.0)
      ostruct (>= 0.2)
    omniauth (2.1.3)
      hashie (>= 3.4.6)
      rack (>= 2.2.3)
      rack-protection
    omniauth-oauth2 (1.8.0)
      oauth2 (>= 1.4, < 3)
      omniauth (~> 2.0)
    opentelemetry-api (1.7.0)
    opentelemetry-common (0.23.0)
      opentelemetry-api (~> 1.0)
    opentelemetry-exporter-otlp (0.31.1)
      google-protobuf (>= 3.18)
      googleapis-common-protos-types (~> 1.3)
      opentelemetry-api (~> 1.1)
      opentelemetry-common (~> 0.20)
      opentelemetry-sdk (~> 1.10)
      opentelemetry-semantic_conventions
    opentelemetry-helpers-mysql (0.4.0)
      opentelemetry-api (~> 1.7)
      opentelemetry-common (~> 0.21)
    opentelemetry-helpers-sql (0.3.0)
      opentelemetry-api (~> 1.7)
    opentelemetry-helpers-sql-obfuscation (0.5.0)
      opentelemetry-common (~> 0.21)
    opentelemetry-instrumentation-action_mailer (0.6.1)
      opentelemetry-instrumentation-active_support (~> 0.10)
    opentelemetry-instrumentation-action_pack (0.15.1)
      opentelemetry-instrumentation-rack (~> 0.29)
    opentelemetry-instrumentation-action_view (0.11.1)
      opentelemetry-instrumentation-active_support (~> 0.10)
    opentelemetry-instrumentation-active_job (0.10.1)
      opentelemetry-instrumentation-base (~> 0.25)
    opentelemetry-instrumentation-active_model_serializers (0.24.0)
      opentelemetry-instrumentation-active_support (>= 0.7.0)
    opentelemetry-instrumentation-active_record (0.11.1)
      opentelemetry-instrumentation-base (~> 0.25)
    opentelemetry-instrumentation-active_storage (0.3.1)
      opentelemetry-instrumentation-active_support (~> 0.10)
    opentelemetry-instrumentation-active_support (0.10.1)
      opentelemetry-instrumentation-base (~> 0.25)
    opentelemetry-instrumentation-all (0.86.1)
      opentelemetry-instrumentation-active_model_serializers (~> 0.24.0)
      opentelemetry-instrumentation-anthropic (~> 0.3.0)
      opentelemetry-instrumentation-aws_lambda (~> 0.6.0)
      opentelemetry-instrumentation-aws_sdk (~> 0.11.0)
      opentelemetry-instrumentation-bunny (~> 0.24.0)
      opentelemetry-instrumentation-concurrent_ruby (~> 0.24.0)
      opentelemetry-instrumentation-dalli (~> 0.29.0)
      opentelemetry-instrumentation-delayed_job (~> 0.25.1)
      opentelemetry-instrumentation-ethon (~> 0.25.0)
      opentelemetry-instrumentation-excon (~> 0.26.0)
      opentelemetry-instrumentation-faraday (~> 0.30.0)
      opentelemetry-instrumentation-grape (~> 0.5.0)
      opentelemetry-instrumentation-graphql (~> 0.31.1)
      opentelemetry-instrumentation-grpc (~> 0.4.1)
      opentelemetry-instrumentation-gruf (~> 0.5.0)
      opentelemetry-instrumentation-http (~> 0.27.0)
      opentelemetry-instrumentation-http_client (~> 0.26.0)
      opentelemetry-instrumentation-httpx (~> 0.5.0)
      opentelemetry-instrumentation-koala (~> 0.23.0)
      opentelemetry-instrumentation-lmdb (~> 0.25.0)
      opentelemetry-instrumentation-mongo (~> 0.25.0)
      opentelemetry-instrumentation-mysql2 (~> 0.31.0)
      opentelemetry-instrumentation-net_http (~> 0.26.0)
      opentelemetry-instrumentation-pg (~> 0.32.0)
      opentelemetry-instrumentation-que (~> 0.11.1)
      opentelemetry-instrumentation-racecar (~> 0.6.0)
      opentelemetry-instrumentation-rack (~> 0.29.0)
      opentelemetry-instrumentation-rails (~> 0.39.1)
      opentelemetry-instrumentation-rake (~> 0.5.0)
      opentelemetry-instrumentation-rdkafka (~> 0.9.0)
      opentelemetry-instrumentation-redis (~> 0.28.0)
      opentelemetry-instrumentation-resque (~> 0.8.0)
      opentelemetry-instrumentation-restclient (~> 0.26.0)
      opentelemetry-instrumentation-ruby_kafka (~> 0.24.0)
      opentelemetry-instrumentation-sidekiq (~> 0.28.0)
      opentelemetry-instrumentation-sinatra (~> 0.28.0)
      opentelemetry-instrumentation-trilogy (~> 0.64.0)
    opentelemetry-instrumentation-anthropic (0.3.0)
      opentelemetry-instrumentation-base (~> 0.25)
    opentelemetry-instrumentation-aws_lambda (0.6.0)
      opentelemetry-instrumentation-base (~> 0.25)
    opentelemetry-instrumentation-aws_sdk (0.11.0)
      opentelemetry-instrumentation-base (~> 0.25)
    opentelemetry-instrumentation-base (0.25.0)
      opentelemetry-api (~> 1.7)
      opentelemetry-common (~> 0.21)
      opentelemetry-registry (~> 0.1)
    opentelemetry-instrumentation-bunny (0.24.0)
      opentelemetry-instrumentation-base (~> 0.25)
    opentelemetry-instrumentation-concurrent_ruby (0.24.0)
      opentelemetry-instrumentation-base (~> 0.25)
    opentelemetry-instrumentation-dalli (0.29.0)
      opentelemetry-instrumentation-base (~> 0.25)
    opentelemetry-instrumentation-delayed_job (0.25.1)
      opentelemetry-instrumentation-base (~> 0.25)
    opentelemetry-instrumentation-ethon (0.25.0)
      opentelemetry-instrumentation-base (~> 0.25)
    opentelemetry-instrumentation-excon (0.26.0)
      opentelemetry-instrumentation-base (~> 0.25)
    opentelemetry-instrumentation-faraday (0.30.0)
      opentelemetry-instrumentation-base (~> 0.25)
    opentelemetry-instrumentation-grape (0.5.0)
      opentelemetry-instrumentation-rack (~> 0.29)
    opentelemetry-instrumentation-graphql (0.31.1)
      opentelemetry-instrumentation-base (~> 0.25)
    opentelemetry-instrumentation-grpc (0.4.1)
      opentelemetry-instrumentation-base (~> 0.25)
    opentelemetry-instrumentation-gruf (0.5.0)
      opentelemetry-instrumentation-base (~> 0.25)
    opentelemetry-instrumentation-http (0.27.0)
      opentelemetry-instrumentation-base (~> 0.25)
    opentelemetry-instrumentation-http_client (0.26.0)
      opentelemetry-instrumentation-base (~> 0.25)
    opentelemetry-instrumentation-httpx (0.5.0)
      opentelemetry-instrumentation-base (~> 0.25)
    opentelemetry-instrumentation-koala (0.23.0)
      opentelemetry-instrumentation-base (~> 0.25)
    opentelemetry-instrumentation-lmdb (0.25.0)
      opentelemetry-instrumentation-base (~> 0.25)
    opentelemetry-instrumentation-mongo (0.25.0)
      opentelemetry-instrumentation-base (~> 0.25)
    opentelemetry-instrumentation-mysql2 (0.31.0)
      opentelemetry-helpers-mysql
      opentelemetry-helpers-sql
      opentelemetry-helpers-sql-obfuscation
      opentelemetry-instrumentation-base (~> 0.25)
    opentelemetry-instrumentation-net_http (0.26.0)
      opentelemetry-instrumentation-base (~> 0.25)
    opentelemetry-instrumentation-pg (0.32.0)
      opentelemetry-helpers-sql
      opentelemetry-helpers-sql-obfuscation
      opentelemetry-instrumentation-base (~> 0.25)
    opentelemetry-instrumentation-que (0.11.1)
      opentelemetry-instrumentation-base (~> 0.25)
    opentelemetry-instrumentation-racecar (0.6.0)
      opentelemetry-instrumentation-base (~> 0.25)
    opentelemetry-instrumentation-rack (0.29.0)
      opentelemetry-instrumentation-base (~> 0.25)
    opentelemetry-instrumentation-rails (0.39.1)
      opentelemetry-instrumentation-action_mailer (~> 0.6)
      opentelemetry-instrumentation-action_pack (~> 0.15)
      opentelemetry-instrumentation-action_view (~> 0.11)
      opentelemetry-instrumentation-active_job (~> 0.10)
      opentelemetry-instrumentation-active_record (~> 0.11)
      opentelemetry-instrumentation-active_storage (~> 0.3)
      opentelemetry-instrumentation-active_support (~> 0.10)
      opentelemetry-instrumentation-concurrent_ruby (~> 0.23)
    opentelemetry-instrumentation-rake (0.5.0)
      opentelemetry-instrumentation-base (~> 0.25)
    opentelemetry-instrumentation-rdkafka (0.9.0)
      opentelemetry-instrumentation-base (~> 0.25)
    opentelemetry-instrumentation-redis (0.28.0)
      opentelemetry-instrumentation-base (~> 0.25)
    opentelemetry-instrumentation-resque (0.8.0)
      opentelemetry-instrumentation-base (~> 0.25)
    opentelemetry-instrumentation-restclient (0.26.0)
      opentelemetry-instrumentation-base (~> 0.25)
    opentelemetry-instrumentation-ruby_kafka (0.24.0)
      opentelemetry-instrumentation-base (~> 0.25)
    opentelemetry-instrumentation-sidekiq (0.28.0)
      opentelemetry-instrumentation-base (~> 0.25)
    opentelemetry-instrumentation-sinatra (0.28.0)
      opentelemetry-instrumentation-rack (~> 0.29)
    opentelemetry-instrumentation-trilogy (0.64.0)
      opentelemetry-helpers-mysql
      opentelemetry-helpers-sql
      opentelemetry-helpers-sql-obfuscation
      opentelemetry-instrumentation-base (~> 0.25)
      opentelemetry-semantic_conventions (>= 1.8.0)
    opentelemetry-registry (0.4.0)
      opentelemetry-api (~> 1.1)
    opentelemetry-sdk (1.10.0)
      opentelemetry-api (~> 1.1)
      opentelemetry-common (~> 0.20)
      opentelemetry-registry (~> 0.2)
      opentelemetry-semantic_conventions
    opentelemetry-semantic_conventions (1.36.0)
      opentelemetry-api (~> 1.0)
    os (1.1.4)
    ostruct (0.6.3)
    pact (1.67.2)
      jsonpath (~> 1.0)
      pact-mock_service (~> 3.0, >= 3.3.1)
      pact-support (~> 1.21, >= 1.21.2)
      rack
      rack-proxy
      rack-test (>= 0.6.3, < 3.0.0)
      rainbow (~> 3.1)
      rspec (~> 3.0)
      string_pattern (~> 2.0)
      thor (>= 0.20, < 2.0)
      webrick (~> 1.8)
      zeitwerk (~> 2.3)
    pact-mock_service (3.12.3)
      find_a_port (~> 1.0.1)
      json
      pact-support (~> 1.16, >= 1.16.4)
      rack (>= 3.0, < 4.0)
      rackup (~> 2.0)
      rspec (>= 2.14)
      thor (>= 0.19, < 2.0)
      webrick (~> 1.8)
    pact-support (1.21.4)
      amazing_print (~> 1.8)
      diff-lcs (~> 1.6)
      expgen (~> 0.1)
      json (~> 2.12.2)
      jsonpath (~> 1.0)
      rainbow (~> 3.1.1)
      string_pattern (~> 2.0)
    pact_broker-client (1.77.0)
      base64 (~> 0.2)
      dig_rb (~> 1.0)
      httparty (>= 0.21.0, < 1.0.0)
      ostruct
      rake (~> 13.0)
      table_print (~> 1.5)
      term-ansicolor (~> 1.7)
      thor (>= 0.20, < 2.0)
    parallel (1.27.0)
    parser (3.3.9.0)
      ast (~> 2.4.1)
      racc
    parslet (2.0.0)
    pg (1.6.2)
    pg (1.6.2-aarch64-linux)
    pg (1.6.2-arm64-darwin)
    pg (1.6.2-x86_64-linux)
    plek (5.2.2)
    pp (0.6.3)
      prettyprint
    prettyprint (0.2.0)
    prism (1.4.0)
    prometheus-client (4.2.5)
      base64
    prometheus_exporter (2.3.0)
      webrick
    psych (5.2.6)
      date
      stringio
    public_suffix (6.0.2)
    puma (7.1.0)
      nio4r (~> 2.0)
    raabro (1.4.0)
    racc (1.8.1)
    rack (3.2.3)
    rack-cache (1.17.0)
      rack (>= 0.4)
    rack-mini-profiler (4.0.1)
      rack (>= 1.2.0)
    rack-protection (4.1.1)
      base64 (>= 0.1.0)
      logger (>= 1.6.0)
      rack (>= 3.0.0, < 4)
    rack-proxy (0.7.7)
      rack
    rack-session (2.1.1)
      base64 (>= 0.1.0)
      rack (>= 3.0.0)
    rack-test (2.2.0)
      rack (>= 1.3)
    rackup (2.2.1)
      rack (>= 3)
    rails (8.0.3)
      actioncable (= 8.0.3)
      actionmailbox (= 8.0.3)
      actionmailer (= 8.0.3)
      actionpack (= 8.0.3)
      actiontext (= 8.0.3)
      actionview (= 8.0.3)
      activejob (= 8.0.3)
      activemodel (= 8.0.3)
      activerecord (= 8.0.3)
      activestorage (= 8.0.3)
      activesupport (= 8.0.3)
      bundler (>= 1.15.0)
      railties (= 8.0.3)
    rails-dom-testing (2.3.0)
      activesupport (>= 5.0.0)
      minitest
      nokogiri (>= 1.6)
    rails-html-sanitizer (1.6.2)
      loofah (~> 2.21)
      nokogiri (>= 1.15.7, != 1.16.7, != 1.16.6, != 1.16.5, != 1.16.4, != 1.16.3, != 1.16.2, != 1.16.1, != 1.16.0.rc1, != 1.16.0)
    rails-pg-extras (5.6.13)
      actionpack
      activerecord
      railties
      ruby-pg-extras (= 5.6.13)
    railties (8.0.3)
      actionpack (= 8.0.3)
      activesupport (= 8.0.3)
      irb (~> 1.13)
      rackup (>= 1.0.0)
      rake (>= 12.2)
      thor (~> 1.0, >= 1.2.2)
      tsort (>= 0.2)
      zeitwerk (~> 2.6)
    rainbow (3.1.1)
    rake (13.3.0)
    rb-fsevent (0.11.2)
    rb-inotify (0.11.1)
      ffi (~> 1.0)
    rbtree (0.4.6)
    rdoc (6.15.0)
      erb
      psych (>= 4.0.0)
      tsort
    redis-client (0.26.1)
      connection_pool
    regexp_parser (2.11.3)
    reline (0.6.2)
      io-console (~> 0.5)
    representable (3.2.0)
      declarative (< 0.1.0)
      trailblazer-option (>= 0.1.1, < 0.2.0)
      uber (< 0.2.0)
    request_store (1.7.0)
      rack (>= 1.4)
    rest-client (2.1.0)
      http-accept (>= 1.7.0, < 2.0)
      http-cookie (>= 1.0.2, < 2.0)
      mime-types (>= 1.16, < 4.0)
      netrc (~> 0.8)
    retriable (3.1.2)
    rexml (3.4.4)
    rinku (2.0.6)
    rouge (4.6.1)
    rspec (3.13.2)
      rspec-core (~> 3.13.0)
      rspec-expectations (~> 3.13.0)
      rspec-mocks (~> 3.13.0)
    rspec-core (3.13.6)
      rspec-support (~> 3.13.0)
    rspec-expectations (3.13.5)
      diff-lcs (>= 1.2.0, < 2.0)
      rspec-support (~> 3.13.0)
    rspec-mocks (3.13.6)
      diff-lcs (>= 1.2.0, < 2.0)
      rspec-support (~> 3.13.0)
    rspec-rails (8.0.2)
      actionpack (>= 7.2)
      activesupport (>= 7.2)
      railties (>= 7.2)
      rspec-core (~> 3.13)
      rspec-expectations (~> 3.13)
      rspec-mocks (~> 3.13)
      rspec-support (~> 3.13)
    rspec-support (3.13.6)
    rubocop (1.79.2)
      json (~> 2.3)
      language_server-protocol (~> 3.17.0.2)
      lint_roller (~> 1.1.0)
      parallel (~> 1.10)
      parser (>= 3.3.0.2)
      rainbow (>= 2.2.2, < 4.0)
      regexp_parser (>= 2.9.3, < 3.0)
      rubocop-ast (>= 1.46.0, < 2.0)
      ruby-progressbar (~> 1.7)
      unicode-display_width (>= 2.4.0, < 4.0)
    rubocop-ast (1.46.0)
      parser (>= 3.3.7.2)
      prism (~> 1.4)
    rubocop-capybara (2.22.1)
      lint_roller (~> 1.1)
      rubocop (~> 1.72, >= 1.72.1)
    rubocop-govuk (5.1.20)
      rubocop (= 1.79.2)
      rubocop-ast (= 1.46.0)
      rubocop-capybara (= 2.22.1)
      rubocop-rails (= 2.33.3)
      rubocop-rake (= 0.7.1)
      rubocop-rspec (= 3.6.0)
    rubocop-rails (2.33.3)
      activesupport (>= 4.2.0)
      lint_roller (~> 1.1)
      rack (>= 1.1)
      rubocop (>= 1.75.0, < 2.0)
      rubocop-ast (>= 1.44.0, < 2.0)
    rubocop-rake (0.7.1)
      lint_roller (~> 1.1)
      rubocop (>= 1.72.1)
    rubocop-rspec (3.6.0)
      lint_roller (~> 1.1)
      rubocop (~> 1.72, >= 1.72.1)
    ruby-pg-extras (5.6.13)
      pg
      terminal-table
    ruby-progressbar (1.13.0)
    rubyzip (2.4.1)
    rufus-scheduler (3.9.2)
      fugit (~> 1.1, >= 1.11.1)
    sanitize (7.0.0)
      crass (~> 1.0.2)
      nokogiri (>= 1.16.8)
    securerandom (0.4.1)
    selenium-webdriver (4.34.0)
      base64 (~> 0.2)
      logger (~> 1.4)
      rexml (~> 3.2, >= 3.2.5)
      rubyzip (>= 1.2.2, < 3.0)
      websocket (~> 1.0)
    sentry-rails (5.28.1)
      railties (>= 5.0)
      sentry-ruby (~> 5.28.1)
    sentry-ruby (5.28.1)
      bigdecimal
      concurrent-ruby (~> 1.0, >= 1.0.2)
    sentry-sidekiq (5.28.1)
      sentry-ruby (~> 5.28.1)
      sidekiq (>= 3.0)
    set (1.1.2)
    sidekiq (7.3.9)
      base64
      connection_pool (>= 2.3.0)
      logger
      rack (>= 2.2.4)
      redis-client (>= 0.22.2)
    sidekiq-scheduler (6.0.1)
      rufus-scheduler (~> 3.2)
      sidekiq (>= 7.3, < 9)
    sidekiq-unique-jobs (8.0.11)
      concurrent-ruby (~> 1.0, >= 1.0.5)
      sidekiq (>= 7.0.0, < 9.0.0)
      thor (>= 1.0, < 3.0)
    signet (0.21.0)
      addressable (~> 2.8)
      faraday (>= 0.17.5, < 3.a)
      jwt (>= 1.5, < 4.0)
      multi_json (~> 1.10)
    simplecov (0.22.0)
      docile (~> 1.1)
      simplecov-html (~> 0.11)
      simplecov_json_formatter (~> 0.1)
    simplecov-html (0.13.2)
    simplecov_json_formatter (0.1.4)
    snaky_hash (2.0.3)
      hashie (>= 0.1.0, < 6)
      version_gem (>= 1.1.8, < 3)
    sorted_set (1.0.3)
      rbtree
      set (~> 1.0)
    sprockets (4.2.2)
      concurrent-ruby (~> 1.0)
      logger
      rack (>= 2.2.4, < 4)
    sprockets-rails (3.5.2)
      actionpack (>= 6.1)
      activesupport (>= 6.1)
      sprockets (>= 3.0.0)
    stackprof (0.2.27)
    statsd-ruby (1.5.0)
    string_pattern (2.3.0)
      regexp_parser (~> 2.5, >= 2.5.0)
    stringio (3.1.7)
    strong_migrations (2.5.1)
      activerecord (>= 7.1)
    sync (0.5.0)
    table_print (1.5.7)
    term-ansicolor (1.11.2)
      tins (~> 1.0)
    terminal-table (4.0.0)
      unicode-display_width (>= 1.1.1, < 4)
    thor (1.4.0)
    timecop (0.9.10)
    timeout (0.4.3)
    tins (1.38.0)
      bigdecimal
      sync
    trailblazer-option (0.1.2)
    tsort (0.2.0)
    tzinfo (2.0.6)
      concurrent-ruby (~> 1.0)
    uber (0.1.0)
    unicode-display_width (3.1.5)
      unicode-emoji (~> 4.0, >= 4.0.4)
    unicode-emoji (4.0.4)
    uri (1.0.4)
    useragent (0.16.11)
    version_gem (1.1.8)
    view_component (4.1.0)
      activesupport (>= 7.1.0, < 8.2)
      concurrent-ruby (~> 1)
    warden (1.2.9)
      rack (>= 2.0.9)
    warden-oauth2 (0.0.1)
      warden
    web-console (4.2.1)
      actionview (>= 6.0.0)
      activemodel (>= 6.0.0)
      bindex (>= 0.4.0)
      railties (>= 6.0.0)
    webmock (3.26.0)
      addressable (>= 2.8.0)
      crack (>= 0.3.2)
      hashdiff (>= 0.4.0, < 2.0.0)
    webrick (1.9.1)
    websocket (1.2.11)
    websocket-driver (0.8.0)
      base64
      websocket-extensions (>= 0.1.0)
    websocket-extensions (0.1.5)
    with_advisory_lock (7.0.2)
      activerecord (>= 7.2)
      zeitwerk (>= 2.7)
    xpath (3.2.0)
      nokogiri (~> 1.8)
    zeitwerk (2.7.3)

PLATFORMS
  aarch64-linux
  arm64-darwin
  ruby
  x86_64-linux

DEPENDENCIES
  aws-sdk-s3
  bootsnap
  bunny
  byebug
  climate_control
  content_block_tools
  csv
  dalli
  database_cleaner
  factory_bot_rails
  fuzzy_match
  gds-api-adapters
  gds-sso
  google-cloud-bigquery
  govspeak
  govuk_app_config
  govuk_document_types
  govuk_schemas
  govuk_sidekiq
  govuk_test
  graphql
  json-schema
  jsonnet
  listen
  oj
  pact
  pact_broker-client
  pg
  plek
  prometheus-client
  rack-cache
  rack-mini-profiler
  rails (= 8.0.3)
  rails-pg-extras
  rspec-rails
  rubocop-govuk
  sentry-sidekiq
  sidekiq-scheduler
  sidekiq-unique-jobs
  simplecov
  stackprof
  strong_migrations
  timecop
  web-console
  webmock
  with_advisory_lock

BUNDLED WITH
   2.5.22
